GEM
  remote: http://rubygems.org/
  remote: http://gems.github.com/
  remote: http://gemcutter.org/
  specs:
    actionmailer (2.3.14)
      actionpack (= 2.3.14)
    actionpack (2.3.14)
      activesupport (= 2.3.14)
      rack (~> 1.1.0)
    activerecord (2.3.14)
      activesupport (= 2.3.14)
    activeresource (2.3.14)
      activesupport (= 2.3.14)
    activesupport (2.3.14)
    addressable (2.2.6)
    ambethia-recaptcha (0.2.2)
    authlogic (2.1.3)
      activesupport
    authlogic_facebook_shim (0.3.3)
      authlogic (~> 2.1.3)
    capistrano (2.8.0)
      highline
      net-scp (>= 1.0.0)
      net-sftp (>= 2.0.0)
      net-ssh (>= 2.0.14)
      net-ssh-gateway (>= 1.1.0)
    cocaine (0.2.0)
    faraday (0.7.4)
      addressable (~> 2.2.6)
      multipart-post (~> 1.1.0)
      rack (>= 1.1.0, < 2)
    highline (1.6.2)
    hpricot (0.8.4)
    koala (1.2.0beta3)
      faraday (~> 0.7.0)
      multi_json (~> 1.0)
    mime-types (1.16)
    multi_json (1.0.3)
    multipart-post (1.1.3)
    mysql2 (0.2.13)
    net-scp (1.0.4)
      net-ssh (>= 1.99.1)
    net-sftp (2.0.5)
      net-ssh (>= 2.0.9)
    net-ssh (2.2.1)
    net-ssh-gateway (1.1.0)
      net-ssh (>= 1.99.1)
    paperclip (2.4.1)
      activerecord (>= 2.3.0)
      activesupport (>= 2.3.2)
      cocaine (>= 0.0.2)
      mime-types
    rack (1.1.2)
    rails (2.3.14)
      actionmailer (= 2.3.14)
      actionpack (= 2.3.14)
      activerecord (= 2.3.14)
      activeresource (= 2.3.14)
      activesupport (= 2.3.14)
      rake (>= 0.8.3)
    rake (0.9.2)
    will_paginate (2.3.16)

PLATFORMS
  ruby

DEPENDENCIES
  ambethia-recaptcha
  authlogic
  authlogic_facebook_shim (~> 0.3.3)
  capistrano (~> 2.5)
  hpricot (~> 0.8.2)
  koala (~> 1.2.0beta)
  mysql2 (< 0.3)
  paperclip
  rails (~> 2.3)
  will_paginate (~> 2.3.11)
